PATH
  remote: .
  specs:
    which_osx (1.0.2)

GEM
  remote: http://rubygems.org/
  specs:
    rake (0.8.7)
    rr (1.0.4)
    rspec (1.3.2)

PLATFORMS
  ruby

DEPENDENCIES
  rake (~> 0.8.7)
  rr (~> 1.0.4)
  rspec (~> 1.3.2)
  which_osx!
